GIT
  remote: git://github.com/alf-tool/alf-core.git
  revision: 1431861a5d2b582db4fa5b7cc714acf51c4d05e3
  specs:
    alf-core (0.16.0)
      domain (~> 1.0)
      myrrha (~> 3.0)
      path (~> 1.3)
      sexpr (~> 0.6.0)

PATH
  remote: .
  specs:
    icrb (1.0.0)
      alf-core (~> 0.16)

GEM
  remote: http://rubygems.org/
  specs:
    diff-lcs (1.2.5)
    domain (1.0.0)
    myrrha (3.0.0)
      domain (~> 1.0)
    path (1.3.3)
    rake (10.1.0)
    rspec (2.14.1)
      rspec-core (~> 2.14.0)
      rspec-expectations (~> 2.14.0)
      rspec-mocks (~> 2.14.0)
    rspec-core (2.14.7)
    rspec-expectations (2.14.4)
      diff-lcs (>= 1.1.3, < 2.0)
    rspec-mocks (2.14.4)
    sexpr (0.6.0)

PLATFORMS
  ruby

DEPENDENCIES
  alf-core!
  bundler (~> 1.0)
  icrb!
  path (~> 1.3)
  rake (~> 10.0)
  rspec (~> 2.14)
